PATH
  remote: .
  specs:
    maple_plot (0.1.0)

GEM
  remote: https://rubygems.org/
  specs:
    power_assert (2.0.3)
    rake (13.0.6)
    test-unit (3.6.0)
      power_assert

PLATFORMS
  arm64-darwin-20
  ruby

DEPENDENCIES
  maple_plot!
  rake (~> 13.0)
  test-unit (~> 3.0)

BUNDLED WITH
   2.5.6
